GEM
  remote: http://rubygems.org/
  specs:
    haml (3.1.7)
    r18n-core (1.1.2)
    rack (1.4.1)
    rack-protection (1.2.0)
      rack
    sinatra (1.3.3)
      rack (~> 1.3, >= 1.3.6)
      rack-protection (~> 1.2)
      tilt (~> 1.3, >= 1.3.3)
    sinatra-r18n (1.1.2)
      r18n-core (= 1.1.2)
      sinatra (>= 1.3)
    thor (0.16.0)
    tilt (1.3.3)
    xml-simple (1.1.2)

PLATFORMS
  ruby

DEPENDENCIES
  haml
  sinatra
  sinatra-r18n
  thor
  xml-simple
