GEM
  remote: http://rubygems.org/
  specs:
    thor (0.16.0)
    xml-simple (1.1.2)

PLATFORMS
  ruby

DEPENDENCIES
  thor
  xml-simple
