GEM
  remote: http://rubygems.org/
  specs:
    haml (3.1.7)
    r18n-core (1.1.3)
    rack (1.5.2)
    rack-protection (1.3.2)
      rack
    sinatra (1.3.4)
      rack (~> 1.4)
      rack-protection (~> 1.3)
      tilt (~> 1.3, >= 1.3.3)
    sinatra-r18n (1.1.3)
      r18n-core (= 1.1.3)
      sinatra (>= 1.3)
    thor (0.17.0)
    tilt (1.3.3)
    xml-simple (1.1.2)

PLATFORMS
  ruby

DEPENDENCIES
  haml
  sinatra
  sinatra-r18n
  thor
  xml-simple
